GEM
  remote: http://rubygems.org/
  specs:
    byebug (9.0.6)
    commander (4.4.3)
      highline (~> 1.7.2)
    highline (1.7.8)

PLATFORMS
  ruby

DEPENDENCIES
  byebug
  commander

BUNDLED WITH
   1.13.7
